PATH
  remote: ..
  specs:
    minitest-suite (0.0.2)
      minitest

GEM
  remote: https://rubygems.org/
  specs:
    coderay (1.1.3)
    method_source (1.0.0)
    minitest (5.14.4)
    pry (0.14.1)
      coderay (~> 1.1)
      method_source (~> 1.0)
    rake (13.0.6)

PLATFORMS
  arm64-darwin-20
  arm64-darwin-21

DEPENDENCIES
  minitest
  minitest-suite!
  pry
  rake

BUNDLED WITH
   2.2.30
